GIT
  remote: git://github.com/kaid/dynamic_attrs.git
  revision: 98506c8befc25c1643f023043fb0a667a332756c
  tag: v0.0.1
  specs:
    dynamic_attrs (0.1.0)
      activerecord (~> 3.2.12)
      railties (~> 3.2.12)

GIT
  remote: git://github.com/menxu/excel_import.git
  revision: f7e3fab6468f62a3cb797e0bcf4cbcdb47a3137f
  specs:
    excel-import (0.0.2.1)
      axlsx (= 1.3.5)
      roo (= 1.10.3)
      rubyzip (>= 1.0.0)
      zip-zip (= 0.2)

GIT
  remote: git://github.com/mindpin/file-part-upload.git
  revision: 2553928f44ff1930d9e9dea4d49b4187cd2a831c
  tag: 0.0.8
  specs:
    file-part-upload (0.0.1)

GIT
  remote: git://github.com/mindpin/simple-page-compoents
  revision: ec2207a0b10ed322e91c80f5d551dd50b93cdb03
  tag: 0.0.7.8
  specs:
    simple-page-compoents (0.0.7.3)

GIT
  remote: git://github.com/mindpin/simple-page-layout
  revision: 12accb31d0b8c513317bf12360af608988e83b42
  tag: 0.0.3
  specs:
    simple-page-layout (0.0.3)

GIT
  remote: git://github.com/topmi/columns-roles.git
  revision: e8ce0eeecb39a91cbaab1ad62fcf6c786589bcc2
  specs:
    columns-roles (0.0.1)

GEM
  remote: http://ruby.taobao.org/
  specs:
    actionmailer (3.2.12)
      actionpack (= 3.2.12)
      mail (~> 2.4.4)
    actionpack (3.2.12)
      activemodel (= 3.2.12)
      activesupport (= 3.2.12)
      builder (~> 3.0.0)
      erubis (~> 2.7.0)
      journey (~> 1.0.4)
      rack (~> 1.4.5)
      rack-cache (~> 1.2)
      rack-test (~> 0.6.1)
      sprockets (~> 2.2.1)
    activemodel (3.2.12)
      activesupport (= 3.2.12)
      builder (~> 3.0.0)
    activerecord (3.2.12)
      activemodel (= 3.2.12)
      activesupport (= 3.2.12)
      arel (~> 3.0.2)
      tzinfo (~> 0.3.29)
    activeresource (3.2.12)
      activemodel (= 3.2.12)
      activesupport (= 3.2.12)
    activesupport (3.2.12)
      i18n (~> 0.6)
      multi_json (~> 1.0)
    addressable (2.3.5)
    arel (3.0.3)
    awesome_print (1.2.0)
    axlsx (1.3.5)
      htmlentities (~> 4.3.1)
      nokogiri (>= 1.4.1)
      rubyzip (>= 0.9.5)
    bcrypt (3.1.6)
    bcrypt-ruby (3.1.5)
      bcrypt (>= 3.1.3)
    builder (3.0.4)
    cancan (1.6.10)
    capybara (2.0.2)
      mime-types (>= 1.16)
      nokogiri (>= 1.3.3)
      rack (>= 1.0.0)
      rack-test (>= 0.5.4)
      selenium-webdriver (~> 2.0)
      xpath (~> 1.0.0)
    carrierwave (0.8.0)
      activemodel (>= 3.2.0)
      activesupport (>= 3.2.0)
    cells (3.8.8)
      actionpack (>= 3.0)
      railties (>= 3.0)
    celluloid (0.12.4)
      facter (>= 1.6.12)
      timers (>= 1.0.0)
    childprocess (0.5.1)
      ffi (~> 1.0, >= 1.0.11)
    coffee-rails (3.2.2)
      coffee-script (>= 2.2.0)
      railties (~> 3.2.0)
    coffee-script (2.2.0)
      coffee-script-source
      execjs
    coffee-script-source (1.7.0)
    connection_pool (1.2.0)
    cookiejar (0.3.1)
    daemons (1.1.9)
    database_cleaner (1.2.0)
    devise (2.2.4)
      bcrypt-ruby (~> 3.0)
      orm_adapter (~> 0.1)
      railties (~> 3.1)
      warden (~> 1.2.1)
    diff-lcs (1.2.5)
    docsplit (0.7.2)
    em-http-request (1.1.2)
      addressable (>= 2.3.4)
      cookiejar
      em-socksify (>= 0.3)
      eventmachine (>= 1.0.3)
      http_parser.rb (>= 0.6.0)
    em-socksify (0.3.0)
      eventmachine (>= 1.0.0.beta.4)
    erubis (2.7.0)
    eventmachine (1.0.3)
    execjs (2.0.2)
    facter (1.7.5)
    factory_girl (4.2.0)
      activesupport (>= 3.0.0)
    factory_girl_rails (4.2.1)
      factory_girl (~> 4.2.0)
      railties (>= 3.0.0)
    faye (1.0.1)
      cookiejar (>= 0.3.0)
      em-http-request (>= 0.3.0)
      eventmachine (>= 0.12.0)
      faye-websocket (>= 0.7.0)
      multi_json (>= 1.0.0)
      rack (>= 1.0.0)
      websocket-driver (>= 0.3.0)
    faye-websocket (0.7.2)
      eventmachine (>= 0.12.0)
      websocket-driver (>= 0.3.1)
    ffi (1.9.3)
    font-awesome-rails (4.0.3.1)
      railties (>= 3.2, < 5.0)
    haml (4.0.3)
      tilt
    hike (1.2.3)
    hitimes (1.2.1)
    htmlentities (4.3.1)
    http_parser.rb (0.6.0)
    i18n (0.6.9)
    iconv (1.0.2)
    journey (1.0.4)
    jquery-rails (2.2.1)
      railties (>= 3.0, < 5.0)
      thor (>= 0.14, < 2.0)
    jquery-ui-rails (4.0.2)
      jquery-rails
      railties (>= 3.1.0)
    json (1.7.7)
    kgio (2.9.2)
    mail (2.4.4)
      i18n (>= 0.4.0)
      mime-types (~> 1.16)
      treetop (~> 1.4.8)
    mime-types (1.25.1)
    mini_magick (3.5.0)
      subexec (~> 0.2.1)
    mini_portile (0.5.2)
    multi_json (1.8.4)
    mysql2 (0.3.11)
    nokogiri (1.6.1)
      mini_portile (~> 0.5.0)
    orm_adapter (0.5.0)
    polyglot (0.3.4)
    pr_geohash (1.0.0)
    rack (1.4.5)
    rack-cache (1.2)
      rack (>= 0.4)
    rack-protection (1.5.2)
      rack
    rack-ssl (1.3.3)
      rack
    rack-test (0.6.2)
      rack (>= 1.0)
    rails (3.2.12)
      actionmailer (= 3.2.12)
      actionpack (= 3.2.12)
      activerecord (= 3.2.12)
      activeresource (= 3.2.12)
      activesupport (= 3.2.12)
      bundler (~> 1.0)
      railties (= 3.2.12)
    railties (3.2.12)
      actionpack (= 3.2.12)
      activesupport (= 3.2.12)
      rack-ssl (~> 1.3.2)
      rake (>= 0.8.7)
      rdoc (~> 3.4)
      thor (>= 0.14.6, < 2.0)
    raindrops (0.13.0)
    rake (10.1.1)
    rdoc (3.12.2)
      json (~> 1.4)
    redis (3.0.7)
    redis-namespace (1.4.1)
      redis (~> 3.0.4)
    roo (1.10.3)
      nokogiri (>= 1.5.6)
      rubyzip (>= 0.9.9)
      spreadsheet (> 0.6.4)
    rsolr (1.0.9)
      builder (>= 2.1.2)
    rspec-cells (0.1.7)
      cells (~> 3.4)
      railties (>= 3.0, < 4.1)
      rspec-rails (~> 2.2)
    rspec-core (2.13.1)
    rspec-expectations (2.13.0)
      diff-lcs (>= 1.1.3, < 2.0)
    rspec-mocks (2.13.1)
    rspec-rails (2.13.0)
      actionpack (>= 3.0)
      activesupport (>= 3.0)
      railties (>= 3.0)
      rspec-core (~> 2.13.0)
      rspec-expectations (~> 2.13.0)
      rspec-mocks (~> 2.13.0)
    ruby-ole (1.2.11.7)
    ruby-progressbar (1.0.2)
    rubyzip (1.1.0)
    sass (3.2.14)
    sass-rails (3.2.6)
      railties (~> 3.2.0)
      sass (>= 3.1.10)
      tilt (~> 1.3)
    selenium-webdriver (2.40.0)
      childprocess (>= 0.5.0)
      multi_json (~> 1.0)
      rubyzip (~> 1.0)
      websocket (~> 1.0.4)
    sidekiq (2.8.0)
      celluloid (~> 0.12.0)
      connection_pool (~> 1.0)
      multi_json (~> 1)
      redis (~> 3)
      redis-namespace
    sidekiq-limit_fetch (1.4)
      sidekiq (>= 2.6.5, < 3)
    simple_form (2.0.2)
      actionpack (~> 3.0)
      activemodel (~> 3.0)
    sinatra (1.3.0)
      rack (~> 1.3)
      rack-protection (~> 1.1)
      tilt (~> 1.3)
    slim (1.3.8)
      temple (~> 0.6.3)
      tilt (~> 1.3.3)
    spreadsheet (0.9.7)
      ruby-ole (>= 1.0)
    sprockets (2.2.2)
      hike (~> 1.2)
      multi_json (~> 1.0)
      rack (~> 1.0)
      tilt (~> 1.1, != 1.3.0)
    subexec (0.2.3)
    sunspot (2.0.0)
      pr_geohash (~> 1.0)
      rsolr (~> 1.0.7)
    sunspot-rails-tester (1.0.0)
      sunspot_rails (>= 1.2)
      sunspot_solr (>= 1.2)
    sunspot_rails (2.0.0)
      nokogiri
      sunspot (= 2.0.0)
    sunspot_solr (2.1.0)
    temple (0.6.7)
    thin (1.5.1)
      daemons (>= 1.0.9)
      eventmachine (>= 0.12.6)
      rack (>= 1.0.0)
    thor (0.18.1)
    tilt (1.3.7)
    timecop (0.6.1)
    timers (2.0.0)
      hitimes
    treetop (1.4.15)
      polyglot
      polyglot (>= 0.3.1)
    tzinfo (0.3.38)
    uglifier (2.2.1)
      execjs (>= 0.3.0)
      multi_json (~> 1.0, >= 1.0.2)
    unicorn (4.6.2)
      kgio (~> 2.6)
      rack
      raindrops (~> 0.7)
    warden (1.2.3)
      rack (>= 1.0)
    websocket (1.0.7)
    websocket-driver (0.3.2)
    xpath (1.0.0)
      nokogiri (~> 1.3)
    zip-zip (0.2)
      rubyzip (>= 1.0.0)

PLATFORMS
  ruby

DEPENDENCIES
  awesome_print
  cancan (~> 1.6.10)
  capybara (= 2.0.2)
  carrierwave (= 0.8.0)
  cells (= 3.8.8)
  celluloid
  coffee-rails (~> 3.2.1)
  columns-roles!
  database_cleaner (~> 1.2.0)
  devise (= 2.2.4)
  docsplit (= 0.7.2)
  dynamic_attrs!
  excel-import!
  factory_girl_rails (~> 4.2.1)
  faye (= 1.0.1)
  file-part-upload!
  font-awesome-rails
  haml (= 4.0.3)
  iconv (= 1.0.2)
  jquery-rails (= 2.2.1)
  jquery-ui-rails (= 4.0.2)
  json (= 1.7.7)
  mini_magick (= 3.5.0)
  mysql2 (= 0.3.11)
  rails (= 3.2.12)
  rspec-cells (= 0.1.7)
  rspec-rails (= 2.13.0)
  ruby-progressbar (~> 1.0.2)
  sass-rails (~> 3.2.3)
  sidekiq (= 2.8.0)
  sidekiq-limit_fetch (= 1.4)
  simple-page-compoents!
  simple-page-layout!
  simple_form (= 2.0.2)
  sinatra (= 1.3.0)
  slim (= 1.3.8)
  sunspot-rails-tester (= 1.0.0)
  sunspot_rails (= 2.0.0)
  sunspot_solr (= 2.1.0)
  thin (~> 1.5.1)
  timecop (= 0.6.1)
  uglifier (>= 1.0.3)
  unicorn (= 4.6.2)
